GEM
  remote: https://rubygems.org/
  specs:
    addressable (2.5.2)
      public_suffix (>= 2.0.2, < 4.0)
    alfred-workflow (2.0.5)
      fuzzy_match (>= 2.0.4)
      gyoku (>= 1.1.0)
      moneta (>= 0.7.19)
      nori (>= 2.3.0)
      plist (>= 3.1.0)
      terminal-notifier (>= 1.5.0)
    builder (3.2.3)
    curb (0.9.4)
    fuzzy_match (2.1.0)
    gyoku (1.3.1)
      builder (>= 2.1.2)
    json (1.8.6)
    launchy (2.4.3)
      addressable (~> 2.3)
    moneta (1.0.0)
    nori (2.6.0)
    plist (3.3.0)
    public_suffix (3.0.0)
    terminal-notifier (1.8.0)

PLATFORMS
  ruby

DEPENDENCIES
  alfred-workflow (~> 2.0)
  curb (~> 0.9)
  json (~> 1.8)
  launchy (~> 2.4)
  plist (~> 3.2)

BUNDLED WITH
   1.15.4
