PATH
  remote: .
  specs:
    alfred-workflow (2.0.1.20131023093234)
      fuzzy_match (>= 2.0.4)
      gyoku (>= 1.1.0)
      moneta (>= 0.7.19)
      nori (>= 2.3.0)
      plist (>= 3.1.0)
      terminal-notifier (>= 1.5.0)

GEM
  remote: https://rubygems.org/
  specs:
    awesome_print (1.2.0)
    builder (3.2.2)
    coderay (1.0.9)
    diff-lcs (1.2.4)
    facets (2.9.3)
    ffi (1.9.0)
    formatador (0.2.4)
    fuzzy_match (2.0.4)
    growl (1.0.3)
    guard (1.8.3)
      formatador (>= 0.2.4)
      listen (~> 1.3)
      lumberjack (>= 1.0.2)
      pry (>= 0.9.10)
      thor (>= 0.14.6)
    guard-bundler (1.0.0)
      bundler (~> 1.0)
      guard (~> 1.1)
    guard-rspec (3.1.0)
      guard (>= 1.8)
      rspec (~> 2.13)
    gyoku (1.1.0)
      builder (>= 2.1.2)
    hashr (0.0.22)
    highline (1.6.20)
    hoe (3.7.1)
      rake (>= 0.8, < 11.0)
    hoe-gemspec (1.0.0)
      hoe (>= 2.2.0)
    hoe-git (1.6.0)
      highline (>= 1.6.0)
    hoe-travis (1.2)
      hoe (~> 3.0)
      travis-lint (~> 1.2)
    hoe-version (1.2.0)
    hoe-yard (0.1.2)
      yard (>= 0.2.3.1)
    listen (1.3.1)
      rb-fsevent (>= 0.9.3)
      rb-inotify (>= 0.9)
      rb-kqueue (>= 0.2)
    lumberjack (1.0.4)
    method_source (0.8.2)
    moneta (0.7.20)
    nori (2.3.0)
    plist (3.1.0)
    pry (0.9.12.2)
      coderay (~> 1.0.5)
      method_source (~> 0.8)
      slop (~> 3.4)
    rake (10.1.0)
    rb-fsevent (0.9.3)
    rb-inotify (0.9.2)
      ffi (>= 0.5.0)
    rb-kqueue (0.2.0)
      ffi (>= 0.5.0)
    rspec (2.14.1)
      rspec-core (~> 2.14.0)
      rspec-expectations (~> 2.14.0)
      rspec-mocks (~> 2.14.0)
    rspec-core (2.14.6)
    rspec-expectations (2.14.3)
      diff-lcs (>= 1.1.3, < 2.0)
    rspec-mocks (2.14.4)
    slop (3.4.6)
    terminal-notifier (1.5.1)
    terminal-notifier-guard (1.5.3)
    thor (0.18.1)
    travis-lint (1.7.0)
      hashr (~> 0.0.22)
    yard (0.8.7.2)

PLATFORMS
  ruby

DEPENDENCIES
  alfred-workflow!
  awesome_print (>= 1.2.0)
  facets (>= 2.9.0)
  growl
  guard
  guard-bundler
  guard-rspec
  hoe
  hoe-gemspec
  hoe-git
  hoe-travis
  hoe-version
  hoe-yard (>= 0.1.2)
  rake (>= 10.0.0)
  rspec (>= 2.13)
  terminal-notifier-guard
